GEM
  remote: http://rubygems.org/
  specs:
    ethon (0.6.2)
      ffi (>= 1.3.0)
      mime-types (~> 1.18)
    ffi (1.9.3)
    mime-types (1.25.1)
    serialport (1.3.0)
    typhoeus (0.6.7)
      ethon (~> 0.6.2)

PLATFORMS
  ruby

DEPENDENCIES
  serialport
  typhoeus
